GEM
  remote: https://rubygems.org/
  specs:
    puma (3.12.1)
    rack (2.0.6)

PLATFORMS
  ruby

DEPENDENCIES
  puma (~> 3.12)
  rack (~> 2.0, >= 2.0.6)

BUNDLED WITH
   1.17.3
